GEM
  remote: https://rubygems.org/
  specs:
    backports (3.6.0)
    faraday (0.9.0)
      multipart-post (>= 1.2, < 3)
    hashie (3.2.0)
    jwt (1.0.0)
    kgio (2.10.0)
    kibana-rack (0.1.4)
      faraday (~> 0.9)
      sinatra (~> 1.4)
      sinatra-contrib (~> 1.4)
    multi_json (1.10.1)
    multi_xml (0.5.5)
    multipart-post (2.0.0)
    oauth2 (1.0.0)
      faraday (>= 0.8, < 0.10)
      jwt (~> 1.0)
      multi_json (~> 1.3)
      multi_xml (~> 0.5)
      rack (~> 1.2)
    omniauth (1.2.2)
      hashie (>= 1.2, < 4)
      rack (~> 1.0)
    omniauth-gds (3.1.0)
      multi_json (~> 1.10)
      omniauth-oauth2 (~> 1.0)
    omniauth-oauth2 (1.2.0)
      faraday (>= 0.8, < 0.10)
      multi_json (~> 1.3)
      oauth2 (~> 1.0)
      omniauth (~> 1.2)
    rack (1.5.4)
    rack-protection (1.5.3)
      rack
    rack-test (0.6.2)
      rack (>= 1.0)
    raindrops (0.17.0)
    sinatra (1.4.5)
      rack (~> 1.4)
      rack-protection (~> 1.4)
      tilt (~> 1.3, >= 1.3.4)
    sinatra-contrib (1.4.2)
      backports (>= 2.0)
      multi_json
      rack-protection
      rack-test
      sinatra (~> 1.4.0)
      tilt (~> 1.3)
    tilt (1.4.1)
    unicorn (4.6.1)
      kgio (~> 2.6)
      rack
      raindrops (~> 0.7)

PLATFORMS
  ruby

DEPENDENCIES
  kgio (>= 2.9.2)
  kibana-rack
  omniauth-gds (~> 3.1)
  rack (= 1.5.4)
  rack-test
  raindrops (>= 0.13.0)
  unicorn

BUNDLED WITH
   1.10.6
